GEM
  remote: http://rubygems.org/
  specs:
    aruba (0.2.3)
      background_process
      cucumber (~> 0.9.0)
    autotest (4.4.1)
    background_process (1.2)
    builder (2.1.2)
    cucumber (0.9.2)
      builder (~> 2.1.2)
      diff-lcs (~> 1.1.2)
      gherkin (~> 2.2.5)
      json (~> 1.4.6)
      term-ansicolor (~> 1.0.5)
    diff-lcs (1.1.2)
    flexmock (0.8.7)
    gherkin (2.2.8)
      json (~> 1.4.6)
      term-ansicolor (~> 1.0.5)
    json (1.4.6)
    mocha (0.9.8)
      rake
    perftools.rb (0.5.0)
    rake (0.8.7)
    rcov (0.9.9)
    rr (1.0.0)
    spork (0.8.4)
    term-ansicolor (1.0.5)
    thor (0.14.3)

PLATFORMS
  ruby

DEPENDENCIES
  aruba
  autotest
  cucumber (>= 0.6.2)
  flexmock
  mocha
  perftools.rb
  rcov (>= 0.9.7.1)
  rr
  spork
  thor (>= 0.13.3)
